PATH
  remote: .
  specs:
    geocoder-simplified (1.0.0.0)
      geocoder
      redis-expiring_counter (~> 1.0.0.0)

GEM
  remote: http://rubygems.org/
  specs:
    geocoder (1.1.0)
    redis (2.2.2)
    redis-expiring_counter (1.0.0.0)
      redis

PLATFORMS
  ruby

DEPENDENCIES
  geocoder-simplified!
